GEM
  remote: https://rubygems.org/
  specs:
    hurley (0.1)
    json (1.8.1)

PLATFORMS
  ruby

DEPENDENCIES
  hurley
  json
